GEM
  remote: https://rubygems.org/
  specs:
    daemons (1.2.3)
    eventmachine (1.0.9.1)
    json (1.8.3)
    rack (1.6.4)
    rack-protection (1.5.3)
      rack
    shotgun (0.9.1)
      rack (>= 1.0)
    sinatra (1.4.7)
      rack (~> 1.5)
      rack-protection (~> 1.4)
      tilt (>= 1.3, < 3)
    thin (1.6.4)
      daemons (~> 1.0, >= 1.0.9)
      eventmachine (~> 1.0, >= 1.0.4)
      rack (~> 1.0)
    tilt (2.0.2)

PLATFORMS
  ruby

DEPENDENCIES
  json (~> 1.8)
  shotgun (~> 0.9)
  sinatra (~> 1.4)
  thin (~> 1.6)

BUNDLED WITH
   1.11.2
